{
	"TaskName": "psg",
	"TaskDescription": "Overnight polysomnography.",
	"InstitutionName": "Woolcock Institute",
	"Manufacturer": "unknown",
	"EEGReference": "common reference",
	"SamplingFrequency": 256,
	"PowerLineFrequency": 50,
	"SoftwareFilters": "n/a",
	"RecordingDuration": 29915,
	"RecordingType": "continuous",
	"EEGChannelCount": 12,
	"EOGChannelCount": 2,
	"ECGChannelCount": 1,
	"EMGChannelCount": 3,
	"MiscChannelCount": 1,
	"TrialCount": 1
}
